GEM
  remote: http://rubygems.org/
  specs:
    em-proxy (0.1.5)
      eventmachine
    eventmachine (0.12.10)

PLATFORMS
  ruby

DEPENDENCIES
  em-proxy
